GEM
  remote: https://rubygems.org/
  specs:
    asciiart (0.0.9)
      rainbow (= 2.0.0)
      rmagick (= 2.13.4)
    rainbow (2.0.0)
    require_all (1.3.2)
    rmagick (2.13.4)

PLATFORMS
  ruby

DEPENDENCIES
  asciiart
  require_all

BUNDLED WITH
   1.10.2
